PATH
  remote: .
  specs:
    bundler-console (0.0.3)

GEM
  remote: https://rubygems.org/
  specs:
    ast (2.4.2)
    docile (1.4.0)
    json (2.7.2)
    language_server-protocol (3.17.0.3)
    minitest (5.25.1)
    net-ssh (7.3.0)
    parallel (1.26.3)
    parser (3.3.5.0)
      ast (~> 2.4.1)
      racc
    prettier_print (1.2.1)
    racc (1.8.1)
    rainbow (3.1.1)
    rake (13.2.1)
    regexp_parser (2.9.2)
    rubocop (1.67.0)
      json (~> 2.3)
      language_server-protocol (>= 3.17.0)
      parallel (~> 1.10)
      parser (>= 3.3.0.2)
      rainbow (>= 2.2.2, < 4.0)
      regexp_parser (>= 2.4, < 3.0)
      rubocop-ast (>= 1.32.2, < 2.0)
      ruby-progressbar (~> 1.7)
      unicode-display_width (>= 2.4.0, < 3.0)
    rubocop-ast (1.32.3)
      parser (>= 3.3.1.0)
    ruby-progressbar (1.13.0)
    simplecov (0.22.0)
      docile (~> 1.1)
      simplecov-html (~> 0.11)
      simplecov_json_formatter (~> 0.1)
    simplecov-html (0.12.3)
    simplecov_json_formatter (0.1.4)
    syntax_tree (6.2.0)
      prettier_print (>= 1.2.0)
    tiny_struct (0.0.1)
    unicode-display_width (2.6.0)

PLATFORMS
  ruby

DEPENDENCIES
  bundler (~> 2.0)
  bundler-console!
  minitest (~> 5.11)
  net-ssh
  rake (~> 13.0)
  rubocop (~> 1.12)
  simplecov (~> 0.19)
  syntax_tree
  tiny_struct

BUNDLED WITH
   2.2.3
